GEM
  specs:
    activesupport (5.1.3)
      concurrent-ruby (~> 1.0, >= 1.0.2)
      i18n (~> 0.7)
      minitest (~> 5.1)
      tzinfo (~> 1.1)
    coderay (1.1.1)
    concurrent-ruby (1.0.5)
    i18n (0.8.6)
    method_source (0.8.2)
    mini_portile2 (2.2.0)
    minitest (5.10.3)
    nokogiri (1.8.0)
      mini_portile2 (~> 2.2.0)
    pry (0.10.4)
      coderay (~> 1.1.0)
      method_source (~> 0.8.1)
      slop (~> 3.4)
    rake (11.2.2)
    slop (3.6.0)
    sqlite3 (1.3.13)
    thread_safe (0.3.6)
    tzinfo (1.2.3)
      thread_safe (~> 0.1)

PLATFORMS
  ruby

DEPENDENCIES
  activesupport (~> 5.1, >= 5.1.3)
  nokogiri (~> 1.8)
  pry (~> 0.10.4)
  rake (~> 11.2, >= 11.2.2)
  sqlite3 (~> 1.3, >= 1.3.11)

BUNDLED WITH
   1.15.3
